GEM
  remote: https://rubygems.org/
  specs:
    awesome_print (1.7.0)
    coderay (1.1.1)
    declarative (0.0.8)
      uber (>= 0.0.15)
    method_source (0.8.2)
    pry (0.10.4)
      coderay (~> 1.1.0)
      method_source (~> 0.8.1)
      slop (~> 3.4)
    representable (3.0.2)
      declarative (~> 0.0.5)
      uber (>= 0.0.15, < 0.2.0)
    slop (3.6.0)
    uber (0.1.0)

PLATFORMS
  ruby

DEPENDENCIES
  awesome_print
  pry
  representable

BUNDLED WITH
   1.13.6
